GEM
  remote: https://rubygems.org/
  specs:
    byebug (9.0.6)
    coderay (1.1.2)
    colorize (0.8.1)
    method_source (0.8.2)
    pry (0.10.4)
      coderay (~> 1.1.0)
      method_source (~> 0.8.1)
      slop (~> 3.4)
    pry-byebug (3.4.3)
      byebug (>= 9.0, < 9.1)
      pry (~> 0.10)
    slop (3.6.0)

PLATFORMS
  ruby

DEPENDENCIES
  colorize
  pry (~> 0.10.4)
  pry-byebug (~> 3.4.2)

RUBY VERSION
   ruby 2.3.8p459

BUNDLED WITH
   1.17.3
